GEM
  remote: https://rubygems.org/
  specs:
    activesupport (6.1.7.3)
      concurrent-ruby (~> 1.0, >= 1.0.2)
      i18n (>= 1.6, < 2)
      minitest (>= 5.1)
      tzinfo (~> 2.0)
      zeitwerk (~> 2.3)
    coderay (1.1.2)
    concurrent-ruby (1.2.2)
    i18n (1.12.0)
      concurrent-ruby (~> 1.0)
    little-plugger (1.1.4)
    logging (2.2.2)
      little-plugger (~> 1.1)
      multi_json (~> 1.10)
    method_source (0.9.2)
    minitest (5.18.0)
    multi_json (1.13.1)
    pry (0.12.2)
      coderay (~> 1.1.0)
      method_source (~> 0.9.0)
    tzinfo (2.0.6)
      concurrent-ruby (~> 1.0)
    zeitwerk (2.6.7)

PLATFORMS
  ruby

DEPENDENCIES
  activesupport
  logging
  pry

BUNDLED WITH
   2.0.1
